GEM
  remote: https://rubygems.org/
  specs:
    cuba (3.4.0)
      rack
    cuba-contrib (3.1.0)
      cuba (~> 3.1)
    hiredis (0.6.0)
    mote (1.1.4)
    msgpack (0.5.12)
    nido (1.0.0)
    ohm (2.3.0)
      msgpack (~> 0.5.0)
      nido
      redic (~> 1.5.0)
      stal
    ohm-contrib (2.2.0)
      ohm (~> 2.2)
    rack (1.6.4)
    rack-protection (1.5.3)
      rack
    redic (1.5.0)
      hiredis
    stal (0.1.0)
      redic

PLATFORMS
  ruby

DEPENDENCIES
  cuba (= 3.4.0)
  cuba-contrib (= 3.1.0)
  mote (= 1.1.4)
  ohm (= 2.3.0)
  ohm-contrib (= 2.2.0)
  rack-protection (= 1.5.3)

BUNDLED WITH
   1.10.6
